GEM
  remote: https://rubygems.org/
  specs:
    RedCloth (4.2.9)
    actionmailer (4.0.4)
      actionpack (= 4.0.4)
      mail (~> 2.5.4)
    actionpack (4.0.4)
      activesupport (= 4.0.4)
      builder (~> 3.1.0)
      erubis (~> 2.7.0)
      rack (~> 1.5.2)
      rack-test (~> 0.6.2)
    activemodel (4.0.4)
      activesupport (= 4.0.4)
      builder (~> 3.1.0)
    activerecord (4.0.4)
      activemodel (= 4.0.4)
      activerecord-deprecated_finders (~> 1.0.2)
      activesupport (= 4.0.4)
      arel (~> 4.0.0)
    activerecord-deprecated_finders (1.0.3)
    activesupport (4.0.4)
      i18n (~> 0.6, >= 0.6.9)
      minitest (~> 4.2)
      multi_json (~> 1.3)
      thread_safe (~> 0.1)
      tzinfo (~> 0.3.37)
    arel (4.0.2)
    blankslate (2.1.2.4)
    builder (3.1.4)
    celluloid (0.15.2)
      timers (~> 1.1.0)
    chunky_png (1.3.1)
    classifier (1.3.4)
      fast-stemmer (>= 1.0.0)
    coffee-rails (4.0.1)
      coffee-script (>= 2.2.0)
      railties (>= 4.0.0, < 5.0)
    coffee-script (2.2.0)
      coffee-script-source
      execjs
    coffee-script-source (1.7.0)
    colorator (0.1)
    compass (0.12.6)
      chunky_png (~> 1.2)
      fssm (>= 0.2.7)
      sass (~> 3.2.19)
    erubis (2.7.0)
    execjs (2.2.0)
    fast-stemmer (1.0.2)
    ffi (1.9.3)
    fssm (0.2.10)
    haml (4.0.5)
      tilt
    hike (1.2.3)
    i18n (0.6.9)
    jekyll (2.0.3)
      classifier (~> 1.3)
      colorator (~> 0.1)
      jekyll-coffeescript (~> 1.0)
      jekyll-sass-converter (~> 1.0)
      kramdown (~> 1.3)
      liquid (~> 2.5.5)
      listen (~> 2.5)
      mercenary (~> 0.3.3)
      pygments.rb (~> 0.5.0)
      redcarpet (~> 3.1)
      safe_yaml (~> 1.0)
      toml (~> 0.1.0)
    jekyll-coffeescript (1.0.0)
      coffee-script (~> 2.2)
    jekyll-date-format (1.0.0)
      jekyll (>= 1.0.0)
    jekyll-page-hooks (1.2.0)
      jekyll (>= 2.0.0)
    jekyll-sass-converter (1.0.0)
      sass (~> 3.2)
    jekyll-sitemap (0.4.1)
      jekyll (~> 2.0)
    kramdown (1.4.0)
    liquid (2.5.5)
    listen (2.7.9)
      celluloid (>= 0.15.2)
      rb-fsevent (>= 0.9.3)
      rb-inotify (>= 0.9)
    mail (2.5.4)
      mime-types (~> 1.16)
      treetop (~> 1.4.8)
    mercenary (0.3.3)
    mime-types (1.25.1)
    minitest (4.7.5)
    multi_json (1.10.1)
    parslet (1.5.0)
      blankslate (~> 2.0)
    polyglot (0.3.4)
    posix-spawn (0.3.8)
    pygments.rb (0.5.4)
      posix-spawn (~> 0.3.6)
      yajl-ruby (~> 1.1.0)
    rack (1.5.2)
    rack-protection (1.5.3)
      rack
    rack-test (0.6.2)
      rack (>= 1.0)
    rails (4.0.4)
      actionmailer (= 4.0.4)
      actionpack (= 4.0.4)
      activerecord (= 4.0.4)
      activesupport (= 4.0.4)
      bundler (>= 1.3.0, < 2.0)
      railties (= 4.0.4)
      sprockets-rails (~> 2.0.0)
    railties (4.0.4)
      actionpack (= 4.0.4)
      activesupport (= 4.0.4)
      rake (>= 0.8.7)
      thor (>= 0.18.1, < 2.0)
    rake (10.3.2)
    rb-fsevent (0.9.4)
    rb-inotify (0.9.5)
      ffi (>= 0.5.0)
    rdiscount (2.0.7.3)
    redcarpet (3.1.2)
    rubypants (0.2.0)
    safe_yaml (1.0.3)
    sass (3.2.19)
    sass-globbing (1.0.0)
      sass (>= 3.1)
    sinatra (1.4.5)
      rack (~> 1.4)
      rack-protection (~> 1.4)
      tilt (~> 1.3, >= 1.3.4)
    sprockets (2.11.0)
      hike (~> 1.2)
      multi_json (~> 1.0)
      rack (~> 1.0)
      tilt (~> 1.1, != 1.3.0)
    sprockets-rails (2.0.1)
      actionpack (>= 3.0)
      activesupport (>= 3.0)
      sprockets (~> 2.8)
    stringex (1.4.0)
    thor (0.18.1)
    thread_safe (0.3.3)
    tilt (1.4.1)
    timers (1.1.0)
    toml (0.1.1)
      parslet (~> 1.5.0)
    treetop (1.4.15)
      polyglot
      polyglot (>= 0.3.1)
    tzinfo (0.3.39)
    xray-rails (0.1.12)
      coffee-rails
      rails (>= 3.1.0)
    yajl-ruby (1.1.0)

PLATFORMS
  ruby

DEPENDENCIES
  RedCloth (~> 4.2.9)
  compass (~> 0.12.2)
  haml (~> 4.0)
  jekyll (~> 2.0)
  jekyll-date-format (~> 1.0)
  jekyll-page-hooks (~> 1.2)
  jekyll-sitemap
  rake (~> 10.0)
  rb-fsevent (~> 0.9)
  rdiscount (~> 2.0)
  rubypants (~> 0.2.0)
  sass-globbing (~> 1.0.0)
  sinatra (~> 1.4.2)
  stringex (~> 1.4.0)
  xray-rails
